PATH
  remote: .
  specs:
    promostandards-client (0.8.4)
      httparty
      savon (~> 2.12.0)

GEM
  remote: https://rubygems.org/
  specs:
    akami (1.3.1)
      gyoku (>= 0.4.0)
      nokogiri
    builder (3.2.3)
    byebug (9.0.6)
    coderay (1.1.2)
    colorize (0.8.1)
    diff-lcs (1.3)
    gyoku (1.3.1)
      builder (>= 2.1.2)
    httparty (0.16.3)
      mime-types (~> 3.0)
      multi_xml (>= 0.5.2)
    httpi (2.4.4)
      rack
      socksify
    method_source (0.9.0)
    mime-types (3.2.2)
      mime-types-data (~> 3.2015)
    mime-types-data (3.2018.0812)
    mini_portile2 (2.5.1)
    multi_xml (0.6.0)
    nokogiri (1.11.4)
      mini_portile2 (~> 2.5.0)
      racc (~> 1.4)
    nori (2.6.0)
    parallel (1.12.1)
    pry (0.11.3)
      coderay (~> 1.1.0)
      method_source (~> 0.9.0)
    pry-byebug (3.4.3)
      byebug (>= 9.0, < 9.1)
      pry (~> 0.10)
    racc (1.5.2)
    rack (3.0.4.2)
    rake (13.0.1)
    rspec (3.8.0)
      rspec-core (~> 3.8.0)
      rspec-expectations (~> 3.8.0)
      rspec-mocks (~> 3.8.0)
    rspec-core (3.8.0)
      rspec-support (~> 3.8.0)
    rspec-expectations (3.8.1)
      diff-lcs (>= 1.2.0, < 2.0)
      rspec-support (~> 3.8.0)
    rspec-mocks (3.8.0)
      diff-lcs (>= 1.2.0, < 2.0)
      rspec-support (~> 3.8.0)
    rspec-support (3.8.0)
    savon (2.12.0)
      akami (~> 1.2)
      builder (>= 2.1.2)
      gyoku (~> 1.2)
      httpi (~> 2.3)
      nokogiri (>= 1.8.1)
      nori (~> 2.4)
      wasabi (~> 3.4)
    socksify (1.7.1)
    wasabi (3.5.0)
      httpi (~> 2.0)
      nokogiri (>= 1.4.2)

PLATFORMS
  ruby
  x86_64-darwin-17
  x86_64-darwin-18

DEPENDENCIES
  bundler (~> 1.16)
  colorize (~> 0.8.1)
  parallel (~> 1.12.1)
  promostandards-client!
  pry-byebug (~> 3.4.0)
  rake (~> 13.0.1)
  rspec (~> 3.8)

BUNDLED WITH
   1.17.2
